GEM
  remote: https://rubygems.org/
  specs:
    bundler-audit (0.9.2)
      bundler (>= 1.2.0, < 3)
      thor (~> 1.0)
    csv (3.3.5)
    erb (5.0.1)
    fileutils (1.7.3)
    license_finder (7.2.1)
      bundler
      csv (~> 3.2)
      rubyzip (>= 1, < 3)
      thor (~> 1.2)
      tomlrb (>= 1.3, < 2.1)
      with_env (= 1.1.0)
      xml-simple (~> 1.1.9)
    pastel (0.8.0)
      tty-color (~> 0.5)
    pg (1.5.9)
    rexml (3.4.1)
    rubyzip (2.4.1)
    securerandom (0.4.1)
    thor (1.4.0)
    tomlrb (2.0.3)
    tty (0.1.0)
    tty-color (0.6.0)
    tty-cursor (0.7.1)
    tty-prompt (0.23.1)
      pastel (~> 0.8)
      tty-reader (~> 0.8)
    tty-reader (0.9.0)
      tty-cursor (~> 0.7)
      tty-screen (~> 0.8)
      wisper (~> 2.0)
    tty-screen (0.8.2)
    wisper (2.0.1)
    with_env (1.1.0)
    xml-simple (1.1.9)
      rexml

PLATFORMS
  arm64-darwin-22
  ruby

DEPENDENCIES
  bundler-audit
  erb
  fileutils
  license_finder
  pg
  securerandom
  tty
  tty-prompt

BUNDLED WITH
   2.6.7
